PATH
  remote: .
  specs:
    ldumbd (0.0.1)
      ruby-ldapserver (~> 0.5.0)
      sequel (~> 4.7.0)
      sqlite3 (~> 1.3.9)

GEM
  remote: https://rubygems.org/
  specs:
    minitest (5.3.0)
    mysql2 (0.3.15)
    net-ldap (0.3.1)
    pg (0.17.1)
    rake (10.0.4)
    ruby-ldapserver (0.5.0)
    sequel (4.7.0)
    sqlite3 (1.3.9)

PLATFORMS
  ruby

DEPENDENCIES
  bundler (~> 1.3.5)
  ldumbd!
  minitest (~> 5.3.0)
  mysql2 (~> 0.3.15)
  net-ldap (~> 0.3.1)
  pg (~> 0.17.1)
  rake (~> 10.0.4)
